GEM
  remote: https://rubygems.org/
  specs:
    diff-lcs (1.2.1)
    facter (2.5.7)
    hiera (1.3.4)
      json_pure
    json (1.7.7)
    json_pure (2.5.1)
    librarian-puppet (0.9.8)
      json
      thor (~> 0.15)
    metaclass (0.0.1)
    mocha (0.13.3)
      metaclass (~> 0.0.1)
    puppet (3.6.2)
      facter (> 1.6, < 3)
      hiera (~> 1.0)
      json_pure
      rgen (~> 0.6.5)
    puppet-lint (0.3.2)
    puppetlabs_spec_helper (0.4.1)
      mocha (>= 0.10.5)
      rake
      rspec (>= 2.9.0)
      rspec-puppet (>= 0.1.1)
    rake (10.0.4)
    rgen (0.6.6)
    rspec (2.13.0)
      rspec-core (~> 2.13.0)
      rspec-expectations (~> 2.13.0)
      rspec-mocks (~> 2.13.0)
    rspec-core (2.13.1)
    rspec-expectations (2.13.0)
      diff-lcs (>= 1.1.3, < 2.0)
    rspec-mocks (2.13.0)
    rspec-puppet (0.1.6)
      rspec
    thor (0.18.0)

PLATFORMS
  ruby

DEPENDENCIES
  librarian-puppet
  puppet
  puppet-lint
  puppetlabs_spec_helper
  rspec-puppet
